PATH
  remote: .
  specs:
    exchange (0.7.6)
      json (>= 1.0.0)

GEM
  remote: http://rubygems.org/
  specs:
    dalli (2.2.1)
    diff-lcs (1.1.3)
    json (1.7.5)
    nokogiri (1.5.5)
    nokogiri (1.5.5-java)
    redis (3.0.2)
    rspec (2.11.0)
      rspec-core (~> 2.11.0)
      rspec-expectations (~> 2.11.0)
      rspec-mocks (~> 2.11.0)
    rspec-core (2.11.1)
    rspec-expectations (2.11.3)
      diff-lcs (~> 1.1.3)
    rspec-mocks (2.11.3)
    yard (0.8.2.1)

PLATFORMS
  java
  ruby

DEPENDENCIES
  bundler (>= 1.0.0)
  dalli (>= 2.0.0)
  exchange!
  nokogiri (>= 1.5.0)
  redis (>= 2.2.0)
  rspec
  yard (>= 0.7.4)
